GEM
  remote: https://rubygems.org/
  specs:
    deprecated (2.0.1)
    domain_name (0.5.20190701)
      unf (>= 0.0.5, < 1.0.0)
    http-accept (1.7.0)
    http-cookie (1.0.3)
      domain_name (~> 0.5)
    json (2.3.0)
    kgio (2.11.2)
    mime-types (3.3.1)
      mime-types-data (~> 3.2015)
    mime-types-data (3.2019.1009)
    mustermann (1.1.1)
      ruby2_keywords (~> 0.0.1)
    netrc (0.11.0)
    pg (1.2.1)
    rack (2.0.8)
    rack-protection (2.0.8.1)
      rack
    raindrops (0.19.0)
    rest-client (2.1.0)
      http-accept (>= 1.7.0, < 2.0)
      http-cookie (>= 1.0.2, < 2.0)
      mime-types (>= 1.16, < 4.0)
      netrc (~> 0.8)
    ruby2_keywords (0.0.1)
    sinatra (2.0.8.1)
      mustermann (~> 1.0)
      rack (~> 2.0)
      rack-protection (= 2.0.8.1)
      tilt (~> 2.0)
    tilt (2.0.10)
    unf (0.1.4)
      unf_ext
    unf_ext (0.0.7.6)
    unicorn (5.5.2)
      kgio (~> 2.6)
      raindrops (~> 0.7)
    xmpp4r (0.5.6)
    ydbd-pg (0.5.6)
      pg
      ydbi (= 0.5.6)
    ydbi (0.5.6)
      deprecated (= 2.0.1)

PLATFORMS
  ruby

DEPENDENCIES
  json
  pg
  rest-client
  sinatra
  unicorn
  xmpp4r
  ydbd-pg
  ydbi

BUNDLED WITH
   1.17.3
