GEM
  remote: https://rubygems.org/
  specs:
    domain_name (0.5.20190701)
      unf (>= 0.0.5, < 1.0.0)
    epoxy (0.3.1)
    http-accept (1.7.0)
    http-cookie (1.0.5)
      domain_name (~> 0.5)
    json (2.6.3)
    kgio (2.11.4)
    methlab (0.1.0)
    mime-types (3.4.1)
      mime-types-data (~> 3.2015)
    mime-types-data (3.2023.0218.1)
    mustermann (3.0.0)
      ruby2_keywords (~> 0.0.1)
    netrc (0.11.0)
    pg (1.5.8)
    rack (2.2.6.4)
    rack-protection (3.0.5)
      rack
    raindrops (0.20.1)
    rdbi (1.2.2)
      epoxy (>= 0.3.1)
      typelib (>= 0.1.1)
    rdbi-driver-postgresql (0.10.1)
      epoxy (>= 0.3.1)
      methlab
      pg (>= 1.0.0)
      rdbi (~> 1.2.2)
    rest-client (2.1.0)
      http-accept (>= 1.7.0, < 2.0)
      http-cookie (>= 1.0.2, < 2.0)
      mime-types (>= 1.16, < 4.0)
      netrc (~> 0.8)
    ruby2_keywords (0.0.5)
    sinatra (3.0.5)
      mustermann (~> 3.0)
      rack (~> 2.2, >= 2.2.4)
      rack-protection (= 3.0.5)
      tilt (~> 2.0)
    tilt (2.1.0)
    typelib (0.1.1)
    unf (0.1.4)
      unf_ext
    unf_ext (0.0.8.2)
    unicorn (6.1.0)
      kgio (~> 2.6)
      raindrops (~> 0.7)
    xmpp4r (0.5.6)

PLATFORMS
  ruby

DEPENDENCIES
  json
  rdbi
  rdbi-driver-postgresql
  rest-client
  sinatra
  unicorn
  xmpp4r

BUNDLED WITH
   2.3.27
